GEM
  remote: https://rubygems.org/
  specs:
    toys (0.11.4)
      toys-core (= 0.11.4)
    toys-core (0.11.4)

PLATFORMS
  x64-mingw32

DEPENDENCIES
  toys

BUNDLED WITH
   2.2.3
