GEM
  remote: https://rubygems.org/
  specs:
    paint (2.2.1)
    toys (0.11.4)
      toys-core (= 0.11.4)
    toys-core (0.11.4)
    unicode-display_width (1.7.0)
    whirly (0.2.6)
      unicode-display_width (~> 1.1)

PLATFORMS
  ruby
  x64-mingw32

DEPENDENCIES
  paint
  toys
  whirly

BUNDLED WITH
   2.2.5
